GEM
  remote: https://rubygems.org/
  specs:
    addressable (2.8.1)
      public_suffix (>= 2.0.2, < 6.0)
    arr-pm (0.0.12)
    aws-eventstream (1.2.0)
    aws-partitions (1.656.0)
    aws-sdk-core (3.166.0)
      aws-eventstream (~> 1, >= 1.0.2)
      aws-partitions (~> 1, >= 1.651.0)
      aws-sigv4 (~> 1.5)
      jmespath (~> 1, >= 1.6.1)
    aws-sdk-kms (1.59.0)
      aws-sdk-core (~> 3, >= 3.165.0)
      aws-sigv4 (~> 1.1)
    aws-sdk-s3 (1.117.1)
      aws-sdk-core (~> 3, >= 3.165.0)
      aws-sdk-kms (~> 1)
      aws-sigv4 (~> 1.4)
    aws-sigv4 (1.5.2)
      aws-eventstream (~> 1, >= 1.0.2)
    backports (3.23.0)
    cabin (0.9.0)
    clamp (1.0.1)
    deb-s3 (0.11.5)
      aws-sdk-s3 (~> 1)
      thor (~> 1)
    dotenv (2.7.6)
    fpm (1.14.2)
      arr-pm (~> 0.0.11)
      backports (>= 2.6.2)
      cabin (>= 0.6.0)
      clamp (~> 1.0.0)
      git (>= 1.3.0, < 2.0)
      json (>= 1.7.7, < 3.0)
      pleaserun (~> 0.0.29)
      rexml
      stud
    git (1.13.0)
      addressable (~> 2.8)
      rchardet (~> 1.8)
    insist (1.0.0)
    jmespath (1.6.1)
    json (2.6.1)
    mustache (0.99.8)
    pleaserun (0.0.32)
      cabin (> 0)
      clamp
      dotenv
      insist
      mustache (= 0.99.8)
      stud
    public_suffix (5.0.1)
    rchardet (1.8.0)
    rexml (3.2.5)
    stud (0.0.23)
    thor (1.2.1)

PLATFORMS
  ruby

DEPENDENCIES
  deb-s3 (~> 0.11.0)
  fpm (~> 1.14)

BUNDLED WITH
   2.0.2
