GEM
  remote: https://rubygems.org/
  specs:
    arr-pm (0.0.12)
    aws-eventstream (1.2.0)
    aws-partitions (1.656.0)
    aws-sdk-core (3.166.0)
      aws-eventstream (~> 1, >= 1.0.2)
      aws-partitions (~> 1, >= 1.651.0)
      aws-sigv4 (~> 1.5)
      jmespath (~> 1, >= 1.6.1)
    aws-sdk-kms (1.59.0)
      aws-sdk-core (~> 3, >= 3.165.0)
      aws-sigv4 (~> 1.1)
    aws-sdk-s3 (1.117.2)
      aws-sdk-core (~> 3, >= 3.165.0)
      aws-sdk-kms (~> 1)
      aws-sigv4 (~> 1.4)
    aws-sigv4 (1.5.2)
      aws-eventstream (~> 1, >= 1.0.2)
    backports (3.24.0)
    cabin (0.9.0)
    clamp (1.0.1)
    deb-s3 (0.11.8)
      aws-sdk-s3 (~> 1)
      thor (~> 1)
    dotenv (2.8.1)
    fpm (1.15.1)
      arr-pm (~> 0.0.11)
      backports (>= 2.6.2)
      cabin (>= 0.6.0)
      clamp (~> 1.0.0)
      pleaserun (~> 0.0.29)
      rexml
      stud
    insist (1.0.0)
    jmespath (1.6.2)
    mustache (0.99.8)
    pleaserun (0.0.32)
      cabin (> 0)
      clamp
      dotenv
      insist
      mustache (= 0.99.8)
      stud
    rexml (3.2.5)
    stud (0.0.23)
    thor (1.2.2)

PLATFORMS
  ruby

DEPENDENCIES
  deb-s3 (~> 0.11.0)
  fpm (~> 1.14)

BUNDLED WITH
   2.0.2
